GEM
  remote: https://rubygems.org/
  specs:
    httpclient (2.4.0)
    rack (1.6.13)
    rack-protection (1.5.5)
      rack
    safe_yaml (0.9.1)
    sinatra (1.4.2)
      rack (~> 1.5, >= 1.5.2)
      rack-protection (~> 1.4)
      tilt (~> 1.3, >= 1.3.4)
    tilt (1.4.1)

PLATFORMS
  ruby

DEPENDENCIES
  httpclient (>= 2.4.0)
  safe_yaml
  sinatra
